GIT
  remote: https://github.com/nerdishbynature/slather.git
  revision: fd90e5e76e2a6422a9c4a4d43d0104529659f3b3
  branch: feature-profdata
  specs:
    slather (1.8.1)
      clamp (~> 0.6)
      nokogiri (~> 1.6.3)
      xcodeproj (~> 0.26.2)

GEM
  remote: https://rubygems.org/
  specs:
    activesupport (4.2.5)
      i18n (~> 0.7)
      json (~> 1.7, >= 1.7.7)
      minitest (~> 5.1)
      thread_safe (~> 0.3, >= 0.3.4)
      tzinfo (~> 1.1)
    claide (0.9.1)
    clamp (0.6.5)
    colored (1.2)
    i18n (0.7.0)
    json (1.8.3)
    mini_portile (0.6.2)
    minitest (5.8.3)
    nokogiri (1.6.6.4)
      mini_portile (~> 0.6.0)
    thread_safe (0.3.5)
    tzinfo (1.2.2)
      thread_safe (~> 0.1)
    xcodeproj (0.26.3)
      activesupport (>= 3)
      claide (~> 0.9.1)
      colored (~> 1.2)

PLATFORMS
  ruby

DEPENDENCIES
  slather!

BUNDLED WITH
   1.10.6
